PATH
  remote: .
  specs:
    todo (0.0.1)
      ruby_parser (~> 2.3.0)

GEM
  remote: http://rubygems.org/
  specs:
    diff-lcs (1.1.3)
    json (1.7.5)
    rake (0.9.2.2)
    rdoc (3.12)
      json (~> 1.4)
    rspec (2.11.0)
      rspec-core (~> 2.11.0)
      rspec-expectations (~> 2.11.0)
      rspec-mocks (~> 2.11.0)
    rspec-core (2.11.1)
    rspec-expectations (2.11.3)
      diff-lcs (~> 1.1.3)
    rspec-mocks (2.11.3)
    ruby_parser (2.3.1)
      sexp_processor (~> 3.0)
    sexp_processor (3.2.0)

PLATFORMS
  ruby

DEPENDENCIES
  rake
  rdoc
  rspec
  todo!
